GEM
  remote: https://rubygems.org/
  specs:
    colorize (1.1.0)
    concurrent-ruby (1.3.5)
    dotenv (3.1.7)
    et-orbi (1.2.11)
      tzinfo
    fugit (1.11.1)
      et-orbi (~> 1, >= 1.2.11)
      raabro (~> 1.4)
    logger (1.7.0)
    mime-types (3.6.2)
      logger
      mime-types-data (~> 3.2015)
    mime-types-data (3.2025.0402)
    nio4r (2.7.4)
    puma (6.6.0)
      nio4r (~> 2.0)
    raabro (1.4.0)
    rack (3.1.12)
    rack-cors (2.0.2)
      rack (>= 2.0.0)
    rackup (2.2.1)
      rack (>= 3)
    rubyzip (2.4.1)
    rufus-scheduler (3.9.2)
      fugit (~> 1.1, >= 1.11.1)
    tzinfo (2.0.6)
      concurrent-ruby (~> 1.0)

PLATFORMS
  arm64-darwin-21
  ruby

DEPENDENCIES
  colorize
  dotenv
  mime-types (~> 3.0)
  puma (~> 6.6)
  rack
  rack-cors
  rackup (~> 2.2)
  rubyzip (~> 2.4)
  rufus-scheduler (~> 3.9)

BUNDLED WITH
   2.5.11
