GEM
  remote: https://rubygems.org/
  specs:
    colorize (1.1.0)
    dotenv (3.1.7)
    logger (1.7.0)
    mime-types (3.6.2)
      logger
      mime-types-data (~> 3.2015)
    mime-types-data (3.2025.0402)
    rack (3.1.12)
    rack-cors (2.0.2)
      rack (>= 2.0.0)
    rackup (2.2.1)
      rack (>= 3)
    rubyzip (2.4.1)

PLATFORMS
  arm64-darwin-21
  ruby

DEPENDENCIES
  colorize
  dotenv
  mime-types (~> 3.0)
  rack
  rack-cors
  rackup (~> 2.2)
  rubyzip (~> 2.4)

BUNDLED WITH
   2.5.11
